GEM
  remote: https://rubygems.org/
  specs:
    sorbet (0.4.4289)
      sorbet-static (= 0.4.4289)
    sorbet-runtime (0.4.4289)
    sorbet-static (0.4.4289-universal-darwin-14)

PLATFORMS
  ruby

DEPENDENCIES
  sorbet
  sorbet-runtime

BUNDLED WITH
   1.17.2
